{
	"Modality": "MR",
	"MagneticFieldStrength": 7,
	"ImagingFrequency": 297.2,
	"Manufacturer": "Siemens",
	"ManufacturersModelName": "Investigational_Device_7T",
	"InstitutionName": "Hospital",
	"InstitutionalDepartmentName": "Department",
	"InstitutionAddress": "Street StreetNo,City,District,CA,ZIP",
	"DeviceSerialNumber": "79017",
	"StationName": "AWP79017",
	"BodyPartExamined": "CSPINE",
	"PatientPosition": "HFS",
	"ProcedureStepDescription": "Development^Dr. Cohen-Adad",
	"SoftwareVersions": "syngo MR E12",
	"MRAcquisitionType": "2D",
	"SeriesDescription": "standard_sag",
	"ProtocolName": "standard_sag",
	"ScanningSequence": "GR",
	"SequenceVariant": "SK\\SP",
	"SequenceName": "*tfl2d1_16",
	"SeriesNumber": 55,
	"AcquisitionTime": "12:21:7.597500",
	"AcquisitionNumber": 1,
	"ImageComments": "flip angle map, TraRefAmpl: 400.0 V",
	"SliceThickness": 5,
	"SpacingBetweenSlices": 10,
	"SAR": 0.00464767,
	"EchoTime": 0.00163,
	"RepetitionTime": 3.76,
	"SpoilingState": true,
	"FlipAngle": 5,
	"PartialFourier": 1,
	"BaseResolution": 64,
	"ShimSetting": [
		133,
		-20,
		10,
		-75,
		9,
		-147,
		-112,
		-224	],
	"TxRefAmp": 400,
	"PhaseResolution": 1,
	"ReceiveCoilName": "NP11_ACDC_SPINE",
	"ReceiveCoilActiveElements": "1H;1H;1H;1H;1H;1H;1H;1H;1H;1H;1H;1H;1H;1H;1H;1H;1H;1H;1H;1H",
	"PulseSequenceDetails": "%SiemensSeq%\\tfl_rfmap",
	"RefLinesPE": 16,
	"CoilCombinationMethod": "Sum of Squares",
	"ConsistencyInfo": "N4_VE12U_LATEST_20181126",
	"MatrixCoilMode": "GRAPPA",
	"MultibandAccelerationFactor": 5,
	"PercentPhaseFOV": 81.25,
	"PercentSampling": 100,
	"PhaseEncodingSteps": 52,
	"AcquisitionMatrixPE": 52,
	"ReconMatrixPE": 52,
	"ParallelReductionFactorInPlane": 2,
	"PixelBandwidth": 440,
	"DwellTime": 1.78e-05,
	"PhaseEncodingDirection": "i",
	"ImageOrientationPatientDICOM": [
		0,
		1,
		0,
		0,
		0,
		-1	],
	"ImageOrientationText": "Sag",
	"InPlanePhaseEncodingDirectionDICOM": "ROW",
	"ConversionSoftware": "dcm2niix",
	"ConversionSoftwareVersion": "v1.0.20211006"
}
