{
    "Modality": "MR",
    "MagneticFieldStrength": 7,
    "ImagingFrequency": 297.2,
    "Manufacturer": "Siemens",
    "ManufacturersModelName": "Investigational_Device_7T",
    "InstitutionName": "Hospital",
    "InstitutionalDepartmentName": "Department",
    "InstitutionAddress": "Street StreetNo,City,District,CA,ZIP",
    "DeviceSerialNumber": "79017",
    "StationName": "AWP79017",
    "BodyPartExamined": "CSPINE",
    "PatientPosition": "HFS",
    "ProcedureStepDescription": "Development^Dr. Cohen-Adad",
    "SoftwareVersions": "syngo MR E12",
    "MRAcquisitionType": "2D",
    "SeriesDescription": "standard_tra",
    "ProtocolName": "standard_tra",
    "ScanningSequence": "GR",
    "SequenceVariant": "SK\\SP",
    "SequenceName": "*tfl2d1_16",
    "SeriesNumber": 53,
    "AcquisitionTime": "12:16:59.472500",
    "AcquisitionNumber": 1,
    "ImageComments": "flip angle map, TraRefAmpl: 400.0 V",
    "SliceThickness": 7,
    "SpacingBetweenSlices": 14,
    "SAR": 0.00443249,
    "EchoTime": 0.00153,
    "RepetitionTime": 3.76,
    "FlipAngle": 5,
    "PartialFourier": 1,
    "BaseResolution": 64,
    "ShimSetting": [
        133,
        -20,
        10,
        -75,
        9,
        -147,
        -112,
        -224
    ],
    "TxRefAmp": 400,
    "PhaseResolution": 1,
    "ReceiveCoilName": "NP11_ACDC_SPINE",
    "ReceiveCoilActiveElements": "1H;1H;1H;1H;1H;1H;1H;1H;1H;1H;1H;1H;1H;1H;1H;1H;1H;1H;1H;1H",
    "PulseSequenceDetails": "%SiemensSeq%\\tfl_rfmap",
    "RefLinesPE": 16,
    "ConsistencyInfo": "N4_VE12U_LATEST_20181126",
    "MultibandAccelerationFactor": 5,
    "PercentPhaseFOV": 68.75,
    "PercentSampling": 100,
    "PhaseEncodingSteps": 44,
    "AcquisitionMatrixPE": 44,
    "ReconMatrixPE": 44,
    "ParallelReductionFactorInPlane": 2,
    "PixelBandwidth": 440,
    "DwellTime": 1.78e-05,
    "PhaseEncodingDirection": "j-",
    "SliceTiming": [
        0,
        0,
        0,
        0,
        0
    ],
    "ImageOrientationPatientDICOM": [
        1,
        0,
        0,
        0,
        1,
        0
    ],
    "InPlanePhaseEncodingDirectionDICOM": "COL",
    "ConversionSoftware": "dcm2niix",
    "ConversionSoftwareVersion": "v1.0.20201102",
    "Dcm2bidsVersion": "2.1.4"
}