{
    "Modality": "MR",
    "MagneticFieldStrength": 3,
    "ImagingFrequency": 123.259,
    "Manufacturer": "Siemens",
    "ManufacturersModelName": "Prisma_fit",
    "InstitutionName": "IUGM",
    "InstitutionAddress": "Chemin_Queen-Mary_4565_Montreal_District_CA_H3W_1W5",
    "DeviceSerialNumber": "167006",
    "StationName": "MRC35049",
    "BodyPartExamined": "BRAIN",
    "PatientPosition": "HFS",
    "ProcedureStepDescription": "dev_acdc",
    "SoftwareVersions": "syngo_MR_E11",
    "MRAcquisitionType": "2D",
    "SeriesDescription": "gre_realtime_zshim_UNSHIMMED_2",
    "ProtocolName": "gre_realtime_zshim_UNSHIMMED_2",
    "ScanningSequence": "GR",
    "SequenceVariant": "SP",
    "SequenceName": "fl2d8",
    "ImageType": [
        "ORIGINAL",
        "PRIMARY",
        "M",
        "ND"
    ],
    "SeriesNumber": 17,
    "AcquisitionTime": "12:19:42.405000",
    "AcquisitionNumber": 1,
    "SliceThickness": 3,
    "SpacingBetweenSlices": 3.6,
    "SAR": 0.0040273,
    "EchoNumber": 3,
    "EchoTime": 0.0085,
    "RepetitionTime": 1,
    "FlipAngle": 25,
    "PartialFourier": 1,
    "BaseResolution": 128,
    "ShimSetting": [
        665,
        -7316,
        -9436,
        -1425,
        398,
        -244,
        48,
        -10
    ],
    "TxRefAmp": 238.925,
    "PhaseResolution": 1,
    "ReceiveCoilName": "HeadNeck_20",
    "ReceiveCoilActiveElements": "HE1-4;NE1,2",
    "PulseSequenceDetails": "%CustomerSeq%_gre_realtime_zshim",
    "ConsistencyInfo": "N4_VE11C_LATEST_20160120",
    "PercentPhaseFOV": 53.125,
    "PercentSampling": 100,
    "EchoTrainLength": 8,
    "PhaseEncodingSteps": 68,
    "AcquisitionMatrixPE": 68,
    "ReconMatrixPE": 68,
    "PixelBandwidth": 600,
    "PhaseEncodingDirection": "j-",
    "SliceTiming": [
        0.5,
        0,
        0.54688,
        0.04688,
        0.60156,
        0.10156,
        0.64844,
        0.14844,
        0.69531,
        0.19531,
        0.75,
        0.25,
        0.79688,
        0.29688,
        0.85156,
        0.35156,
        0.89844,
        0.39844,
        0.94531,
        0.44531
    ],
    "ImageOrientationPatientDICOM": [
        1,
        0,
        0,
        0,
        1,
        0
    ],
    "InPlanePhaseEncodingDirectionDICOM": "COL",
    "ConversionSoftware": "dcm2niix",
    "ConversionSoftwareVersion": "v1.0.20200331",
    "Dcm2bidsVersion": "2.1.4"
}