{
	"Modality": "MR",
	"MagneticFieldStrength": 3,
	"ImagingFrequency": 123.259,
	"Manufacturer": "Siemens",
	"ManufacturersModelName": "Prisma_fit",
	"InstitutionName": "IUGM",
	"InstitutionAddress": "Chemin_Queen-Mary_4565_Montreal_District_CA_H3W_1W5",
	"DeviceSerialNumber": "167006",
	"StationName": "MRC35049",
	"BodyPartExamined": "BRAIN",
	"PatientPosition": "HFS",
	"ProcedureStepDescription": "dev_acdc",
	"SoftwareVersions": "syngo_MR_E11",
	"MRAcquisitionType": "2D",
	"SeriesDescription": "a_gre_DYNshim",
	"ProtocolName": "a_gre_DYNshim",
	"ScanningSequence": "GR",
	"SequenceVariant": "SP",
	"SequenceName": "fl2d6",
	"ImageType": ["ORIGINAL", "PRIMARY", "P", "ND", "PHASE"],
	"SeriesNumber": 7,
	"AcquisitionTime": "16:21:2.482500",
	"AcquisitionNumber": 1,
	"SliceThickness": 3,
	"SpacingBetweenSlices": 3,
	"SAR": 0.00453667,
	"TablePosition": [
		0,
		0,
		0	],
	"EchoNumber": 2,
	"EchoTime": 0.0055,
	"RepetitionTime": 0.5,
	"FlipAngle": 25,
	"PartialFourier": 1,
	"BaseResolution": 128,
	"ShimSetting": [
		620,
		-7194,
		-9127,
		77,
		28,
		-20,
		-10,
		-23	],
	"TxRefAmp": 222.944,
	"PhaseResolution": 1,
	"ReceiveCoilName": "HeadNeck_64",
	"ReceiveCoilActiveElements": "HC7;NC1,2",
	"PulseSequenceDetails": "%CustomerSeq%_a_gre_DYNshim",
	"ConsistencyInfo": "N4_VE11C_LATEST_20160120",
	"PercentPhaseFOV": 59.375,
	"PercentSampling": 100,
	"EchoTrainLength": 6,
	"PhaseEncodingSteps": 76,
	"AcquisitionMatrixPE": 76,
	"ReconMatrixPE": 76,
	"PixelBandwidth": 600,
	"PhaseEncodingDirection": "j-",
	"SliceTiming": [
		0.25,
		0,
		0.29688,
		0.04688,
		0.34375,
		0.09375,
		0.39062,
		0.14062,
		0.45312,
		0.20312	],
	"ImageOrientationPatientDICOM": [
		1,
		0,
		0,
		0,
		1,
		0	],
	"InPlanePhaseEncodingDirectionDICOM": "COL",
	"ConversionSoftware": "",
	"ConversionSoftwareVersion": ""
}
