{
    "Modality": "MR",
    "MagneticFieldStrength": 3,
    "ImagingFrequency": 123.259,
    "Manufacturer": "Siemens",
    "ManufacturersModelName": "Prisma_fit",
    "InstitutionName": "IUGM",
    "InstitutionAddress": "Chemin Queen-Mary 4565,Montreal,District,CA,H3W 1W5",
    "DeviceSerialNumber": "167006",
    "StationName": "MRC35049",
    "BodyPartExamined": "BRAIN",
    "PatientPosition": "HFS",
    "ProcedureStepDescription": "dev^acdc",
    "SoftwareVersions": "syngo MR E11",
    "MRAcquisitionType": "2D",
    "SeriesDescription": "gre_field_mapping_PMUlog_2",
    "ProtocolName": "gre_field_mapping_PMUlog_2",
    "ScanningSequence": "GR",
    "SequenceVariant": "SP",
    "ScanOptions": "PFP",
    "SequenceName": "fm2d2",
    "ImageType": [
        "ORIGINAL",
        "PRIMARY",
        "M",
        "ND"
    ],
    "SeriesNumber": 15,
    "AcquisitionTime": "12:18:16.462500",
    "AcquisitionNumber": 1,
    "SliceThickness": 3,
    "SAR": 0.0315697,
    "TablePosition": [
      0,
      0,
      0	],
    "EchoNumber": 2,
    "EchoTime": 0.00492,
    "RepetitionTime": 0.786667,
    "RepetitionTimeExcitation": 0.0069,
    "FlipAngle": 20,
    "PartialFourier": 0.875,
    "BaseResolution": 96,
    "ShimSetting": [
        665,
        -7316,
        -9436,
        -1425,
        398,
        -244,
        48,
        -10
    ],
    "TxRefAmp": 238.925,
    "PhaseResolution": 1,
    "ReceiveCoilName": "HeadNeck_20",
    "ReceiveCoilActiveElements": "HE1-4;NE1,2",
    "PulseSequenceDetails": "%CustomerSeq%\\gre_field_mapping_PMUlog",
    "ConsistencyInfo": "N4_VE11C_LATEST_20160120",
    "PercentPhaseFOV": 66.6667,
    "PercentSampling": 100,
    "PhaseEncodingSteps": 56,
    "AcquisitionMatrixPE": 64,
    "ReconMatrixPE": 64,
    "PixelBandwidth": 500,
    "PhaseEncodingDirection": "i",
    "ImageOrientationPatientDICOM": [
        0,
        1,
        0,
        0,
        0,
        -1
    ],
    "InPlanePhaseEncodingDirectionDICOM": "ROW",
    "ConversionSoftware": "",
    "ConversionSoftwareVersion": "",
    "Dcm2bidsVersion": ""
}
