{
    "Modality": "MR",
    "MagneticFieldStrength": 7,
    "ImagingFrequency": 297.197,
    "Manufacturer": "Siemens",
    "ManufacturersModelName": "Investigational_Device_7T",
    "InstitutionName": "Hospital",
    "InstitutionalDepartmentName": "Department",
    "InstitutionAddress": "Street StreetNo,City,District,CA,ZIP",
    "DeviceSerialNumber": "79017",
    "StationName": "AWP79017",
    "BodyPartExamined": "BRAIN",
    "PatientPosition": "HFS",
    "ProcedureStepDescription": "Development^Dr. Cohen-Adad",
    "SoftwareVersions": "syngo MR E12",
    "MRAcquisitionType": "2D",
    "SeriesDescription": "tfl_rfmap_B1shim_flip20_5mm",
    "ProtocolName": "tfl_rfmap_B1shim_flip20_5mm",
    "ScanningSequence": "GR",
    "SequenceVariant": "SK\\SP",
    "SequenceName": "tfl2d1_16",
    "SeriesNumber": 67,
    "AcquisitionTime": "14:21:12.127500",
    "AcquisitionNumber": 1,
    "ImageComments": "flip angle map, TraRefAmpl: 225.0 V",
    "SliceThickness": 5,
    "SpacingBetweenSlices": 6,
    "SAR": 0.0250297,
    "EchoTime": 0.00148,
    "RepetitionTime": 4,
    "FlipAngle": 20,
    "PartialFourier": 1,
    "Interpolation2D": 1,
    "BaseResolution": 32,
    "ShimSetting": [
        133,
        30,
        22,
        -80,
        27,
        -130,
        -112,
        -234
    ],
    "TxRefAmp": 225,
    "PhaseResolution": 1,
    "ReceiveCoilName": "NP11_ACDC_SPINE",
    "ReceiveCoilActiveElements": "1H;1H;1H;1H;1H;1H;1H;1H;1H;1H;1H;1H;1H;1H;1H",
    "PulseSequenceDetails": "%SiemensSeq%\\tfl_rfmap",
    "ConsistencyInfo": "N4_VE12U_LATEST_20181126",
    "MultibandAccelerationFactor": 8,
    "PercentPhaseFOV": 100,
    "PercentSampling": 100,
    "PhaseEncodingSteps": 32,
    "AcquisitionMatrixPE": 32,
    "ReconMatrixPE": 64,
    "PixelBandwidth": 450,
    "DwellTime": 3.48e-05,
    "PhaseEncodingDirection": "j-",
    "SliceTiming": [
        0.96875,
        0.96875,
        0.96875,
        0.96875,
        0.96875,
        0.96875,
        0.96875,
        0.96875,
        0,
        0,
        0,
        0,
        0,
        0,
        0,
        0
    ],
    "ImageOrientationPatientDICOM": [
        1,
        0,
        0,
        0,
        1,
        0
    ],
    "InPlanePhaseEncodingDirectionDICOM": "COL",
    "ConversionSoftware": "dcm2niix",
    "ConversionSoftwareVersion": "v1.0.20201102",
    "Dcm2bidsVersion": "2.1.4"
}